GEM
  remote: https://rubygems.org/
  specs:
    dotenv (2.2.1)
    excon (0.56.0)
    ffi (1.9.18)
    haml (4.0.7)
      tilt
    intercom (3.5.14)
      json (>= 1.8)
    json (1.8.3)
    listen (3.1.5)
      rb-fsevent (~> 0.9, >= 0.9.4)
      rb-inotify (~> 0.9, >= 0.9.7)
      ruby_dep (~> 1.2)
    mustermann (1.0.0)
    rack (2.0.3)
    rack-protection (2.0.0)
      rack
    rb-fsevent (0.9.8)
    rb-inotify (0.9.8)
      ffi (>= 0.5.0)
    rerun (0.11.0)
      listen (~> 3.0)
    ruby_dep (1.5.0)
    simple_spark (1.0.5)
      excon (>= 0.16.0, < 1.0)
      json (>= 1.7.7, < 2.0)
    sinatra (2.0.0)
      mustermann (~> 1.0)
      rack (~> 2.0)
      rack-protection (= 2.0.0)
      tilt (~> 2.0)
    sinatra-formhelpers-ng (1.9.1)
    tilt (2.0.7)

PLATFORMS
  ruby

DEPENDENCIES
  dotenv (>= 2.1.1)
  haml
  intercom (>= 3.5.4)
  json (= 1.8.3)
  rerun (>= 0.11.0)
  simple_spark (>= 1.0.4)
  sinatra (>= 1.4.7)
  sinatra-formhelpers-ng

RUBY VERSION
   ruby 2.3.1p112

BUNDLED WITH
   1.13.7
